GEM
  remote: https://rubygems.org/
  specs:
    cinch (2.1.0)
    hiredis (0.5.2)
    loggability (0.11.0)
    mini_portile (0.6.0)
    nokogiri (1.6.3.1)
      mini_portile (= 0.6.0)
    redis (3.1.0)
    sequel (3.48.0)
    sqlite3 (1.3.9)
    wordnet (1.0.0)
      loggability (~> 0.5)
      sequel (~> 3.38)
    wordnet-defaultdb (1.0.1)
      sqlite3 (~> 1.3)
      wordnet (~> 1.0.0.pre)

PLATFORMS
  ruby

DEPENDENCIES
  cinch
  hiredis
  nokogiri
  redis
  sqlite3
  wordnet-defaultdb
